GEM
  remote: http://rubygems.org/
  specs:
    bacon (1.1.0)
    ffaker (0.4.0)
    i18n (0.4.1)
    rr (1.0.0)
    wxruby-ruby19 (2.0.1)

PLATFORMS
  ruby

DEPENDENCIES
  bacon
  ffaker
  i18n
  rr
  wxruby-ruby19
